RESTRICTION: >= net461
NUGET
  remote: https://api.nuget.org/v3/index.json
    bootstrap (3.3.7)
      jQuery (>= 1.9.1 < 4.0)
    EntityFramework (6.1.3)
    jQuery (3.2.1)
    jQuery.Validation (1.16)
      jQuery (>= 1.4.4)
    Microsoft.AspNet.Mvc (5.2.3)
      Microsoft.AspNet.Razor (>= 3.2.3 < 3.3)
      Microsoft.AspNet.WebPages (>= 3.2.3 < 3.3)
    Microsoft.AspNet.Razor (3.2.3)
    Microsoft.AspNet.WebPages (3.2.3)
      Microsoft.AspNet.Razor (>= 3.2.3 < 3.3)
      Microsoft.Web.Infrastructure (>= 1.0)
    Microsoft.CodeDom.Providers.DotNetCompilerPlatform (1.0.3)
      Microsoft.Net.Compilers (>= 1.3.2)
    Microsoft.jQuery.Unobtrusive.Validation (3.2.3)
      jQuery (>= 1.8)
      jQuery.Validation (>= 1.8.0.1)
    Microsoft.Net.Compilers (2.4)
    Microsoft.Web.Infrastructure (1.0)
    Modernizr (2.8.3)
    MySql.Data (6.9.9)
    MySql.Data.Entity (6.9.9)
      EntityFramework (>= 6.0)
      MySql.Data (>= 6.9.9)
    NUnit (3.8.1)
    NUnit.Console (3.7)
      NUnit.ConsoleRunner (>= 3.7)
      NUnit.Extension.NUnitProjectLoader (>= 3.5)
      NUnit.Extension.NUnitV2Driver (>= 3.6)
      NUnit.Extension.NUnitV2ResultWriter (>= 3.5)
      NUnit.Extension.TeamCityEventListener (>= 1.0.2)
      NUnit.Extension.VSProjectLoader (>= 3.5)
    NUnit.ConsoleRunner (3.7)
    NUnit.Extension.NUnitProjectLoader (3.6)
    NUnit.Extension.NUnitV2Driver (3.7)
    NUnit.Extension.NUnitV2ResultWriter (3.6)
    NUnit.Extension.TeamCityEventListener (1.0.2)
    NUnit.Extension.VSProjectLoader (3.6)
    Selenium.Support (3.3)
      Selenium.WebDriver (>= 3.3)
    Selenium.WebDriver (3.3)
    Shouldly (2.8.3)
    structuremap (4.5.2)
      System.Reflection.Emit.Lightweight (>= 4.3)
    System.Reflection.Emit.Lightweight (4.3)
