RESTRICTION: >= net461
NUGET
  remote: https://api.nuget.org/v3/index.json
    NUnit (3.7.1)
    NUnit.Console (3.7)
      NUnit.ConsoleRunner (>= 3.7)
      NUnit.Extension.NUnitProjectLoader (>= 3.5)
      NUnit.Extension.NUnitV2Driver (>= 3.6)
      NUnit.Extension.NUnitV2ResultWriter (>= 3.5)
      NUnit.Extension.TeamCityEventListener (>= 1.0.2)
      NUnit.Extension.VSProjectLoader (>= 3.5)
    NUnit.ConsoleRunner (3.7)
    NUnit.Extension.NUnitProjectLoader (3.5)
    NUnit.Extension.NUnitV2Driver (3.6)
    NUnit.Extension.NUnitV2ResultWriter (3.5)
    NUnit.Extension.TeamCityEventListener (1.0.2)
    NUnit.Extension.VSProjectLoader (3.5)
    Selenium.Support (3.3)
      Selenium.WebDriver (>= 3.3)
    Selenium.WebDriver (3.3)
    Shouldly (2.8.3)
    structuremap (4.5.1)
      System.Reflection.Emit.Lightweight (>= 4.3)
    System.Reflection.Emit.Lightweight (4.3)
